GEM
  remote: https://rubygems.org/
  specs:
    fuzzy_match (2.1.0)
    haml (4.0.7)
      tilt
    i18n (0.7.0)
    money (6.8.1)
      i18n (>= 0.6.4, <= 0.7.0)
      sixarm_ruby_unaccent (>= 1.1.1, < 2)
    mysql2 (0.4.4)
    sixarm_ruby_unaccent (1.1.1)
    tilt (2.0.6)
    wicked_pdf (1.1.0)

PLATFORMS
  ruby

DEPENDENCIES
  fuzzy_match
  haml
  money
  mysql2
  wicked_pdf

BUNDLED WITH
   1.13.2
